PATH
  remote: .
  specs:
    rhogallery-api (0.0.1)
      json (~> 1.5.4)
      rest-client (~> 1.6.6)

GEM
  remote: http://rubygems.org/
  specs:
    addressable (2.2.6)
    crack (0.1.8)
    diff-lcs (1.1.2)
    json (1.5.4)
    mime-types (1.16)
    rake (0.9.2)
    rcov (0.9.10)
    rest-client (1.6.6)
      mime-types (>= 1.16)
    rspec (2.5.0)
      rspec-core (~> 2.5.0)
      rspec-expectations (~> 2.5.0)
      rspec-mocks (~> 2.5.0)
    rspec-core (2.5.2)
    rspec-expectations (2.5.0)
      diff-lcs (~> 1.1.2)
    rspec-mocks (2.5.0)
    webmock (1.7.4)
      addressable (> 2.2.5, ~> 2.2)
      crack (>= 0.1.7)

PLATFORMS
  ruby

DEPENDENCIES
  json
  rake
  rcov (~> 0.9.8)
  rest-client
  rhogallery-api!
  rspec (~> 2.5.0)
  webmock
