PATH
  remote: .
  specs:
    rhogallery-api (0.0.1)
      httparty (~> 0.7.7)
      json (~> 1.5.4)

GEM
  remote: http://rubygems.org/
  specs:
    addressable (2.2.6)
    crack (0.1.8)
    diff-lcs (1.1.2)
    httparty (0.7.8)
      crack (= 0.1.8)
    json (1.5.4)
    rake (0.9.2)
    rcov (0.9.10)
    rspec (2.5.0)
      rspec-core (~> 2.5.0)
      rspec-expectations (~> 2.5.0)
      rspec-mocks (~> 2.5.0)
    rspec-core (2.5.2)
    rspec-expectations (2.5.0)
      diff-lcs (~> 1.1.2)
    rspec-mocks (2.5.0)
    webmock (1.7.4)
      addressable (> 2.2.5, ~> 2.2)
      crack (>= 0.1.7)

PLATFORMS
  ruby

DEPENDENCIES
  httparty
  json
  rake
  rcov (~> 0.9.8)
  rhogallery-api!
  rspec (~> 2.5.0)
  webmock
